GEM
  remote: http://rubygems.org/
  specs:
    ruby-graphviz (1.0.0)

PLATFORMS
  ruby

DEPENDENCIES
  ruby-graphviz
